GIT
  remote: git://github.com/datamapper/dm-aggregates.git
  revision: d683f9aec500fd6b7b276bdb00576198b10d6d16
  specs:
    dm-aggregates (1.0.2)
      dm-core (~> 1.0.2)

GIT
  remote: git://github.com/datamapper/dm-core.git
  revision: e38624bee2807a3be768c29ef664aa6ad0c10011
  specs:
    dm-core (1.0.2)
      addressable (~> 2.2)
      extlib (~> 0.9.15)

GIT
  remote: git://github.com/datamapper/dm-do-adapter.git
  revision: c68e4c9a307b2799903baff6b3d452c1ece400e3
  specs:
    dm-do-adapter (1.0.2)
      data_objects (~> 0.10.2)
      dm-core (~> 1.0.2)

GIT
  remote: git://github.com/datamapper/dm-migrations.git
  revision: 14941d4a6d652f6067c727b8c5f01d83460edabb
  specs:
    dm-migrations (1.0.2)
      activesupport (~> 3.0.0)
      dm-core (~> 1.0.2)
      dm-core (~> 1.0.2)

GIT
  remote: git://github.com/datamapper/dm-sqlite-adapter.git
  revision: be5eb74de8ce118d761f4fc55f3e5c3eb3b92315
  specs:
    dm-sqlite-adapter (1.0.2)
      dm-do-adapter (~> 1.0.2)
      do_sqlite3 (~> 0.10.2)

GIT
  remote: git://github.com/datamapper/dm-types.git
  revision: 9a880a519f14e7c24c533021111516559916578d
  specs:
    dm-types (1.0.2)
      dm-core (~> 1.0.2)
      fastercsv (~> 1.5.3)
      json_pure (~> 1.4)
      stringex (~> 1.1.0)
      uuidtools (~> 2.1.1)

GIT
  remote: git://github.com/rails/rails.git
  revision: 28a0ee0f0c5c5fd902d71a87794d4a111a160c38
  branch: 3-0-stable
  specs:
    activesupport (3.0.3)

GEM
  remote: http://rubygems.org/
  specs:
    Saikuro (1.1.0)
    addressable (2.2.2)
    arrayfields (4.7.4)
    chronic (0.2.3)
      hoe (>= 1.2.1)
    churn (0.0.12)
      chronic (~> 0.2.3)
      hirb
      json_pure
      main
      ruby_parser (~> 2.0.4)
      sexp_processor (~> 3.0.3)
    colored (1.2)
    data_objects (0.10.2)
      addressable (~> 2.1)
    diff-lcs (1.1.2)
    do_sqlite3 (0.10.2)
      data_objects (= 0.10.2)
    extlib (0.9.15)
    fastercsv (1.5.3)
    fattr (2.2.0)
    flay (1.4.1)
      ruby_parser (~> 2.0)
      sexp_processor (~> 3.0)
    flog (2.5.0)
      ruby_parser (~> 2.0)
      sexp_processor (~> 3.0)
    git (1.2.5)
    hirb (0.3.5)
    hoe (2.7.0)
      rake (>= 0.8.7)
      rubyforge (>= 2.0.4)
    jeweler (1.5.1)
      bundler (~> 1.0.0)
      git (>= 1.2.5)
      rake
    json_pure (1.4.6)
    main (4.3.0)
      arrayfields (>= 4.7.4)
      fattr (>= 2.1.0)
    metric_fu (1.5.1)
      Saikuro (>= 1.1.0)
      activesupport (>= 2.0.0)
      chronic (>= 0.2.3)
      churn (>= 0.0.7)
      flay (>= 1.2.1)
      flog (>= 2.2.0)
      rails_best_practices (>= 0.3.16)
      rcov (>= 0.8.3.3)
      reek (>= 1.2.6)
      roodi (>= 2.1.0)
    progressbar (0.9.0)
    rails_best_practices (0.5.0)
      activesupport
      colored (~> 1.2)
      progressbar (~> 0.9.0)
      ruby_parser (~> 2.0.4)
    rake (0.8.7)
    rcov (0.9.9)
    reek (1.2.8)
      ruby2ruby (~> 1.2)
      ruby_parser (~> 2.0)
      sexp_processor (~> 3.0)
    roodi (2.1.0)
      ruby_parser
    rspec (2.1.0)
      rspec-core (~> 2.1.0)
      rspec-expectations (~> 2.1.0)
      rspec-mocks (~> 2.1.0)
    rspec-core (2.1.0)
    rspec-expectations (2.1.0)
      diff-lcs (~> 1.1.2)
    rspec-mocks (2.1.0)
    ruby2ruby (1.2.5)
      ruby_parser (~> 2.0)
      sexp_processor (~> 3.0)
    ruby_parser (2.0.5)
      sexp_processor (~> 3.0)
    rubyforge (2.0.4)
      json_pure (>= 1.1.7)
    sexp_processor (3.0.5)
    stringex (1.1.0)
    uuidtools (2.1.1)
    yard (0.6.3)
    yardstick (0.2.0)
      yard (~> 0.6.1)

PLATFORMS
  ruby

DEPENDENCIES
  activesupport (~> 3.0.0)!
  data_objects (~> 0.10.2)
  dm-aggregates (~> 1.0.2)!
  dm-core (~> 1.0.2)!
  dm-do-adapter (~> 1.0.2)!
  dm-migrations (~> 1.0.2)!
  dm-sqlite-adapter (~> 1.0.2)!
  dm-types (~> 1.0.2)!
  do_sqlite3 (~> 0.10.2)
  jeweler (~> 1.4)
  metric_fu (~> 1.3)
  rake (~> 0.8.7)
  rcov (~> 0.9.8)
  reek (~> 1.2.8)
  roodi (~> 2.1)
  rspec (~> 2.1.0)
  yard (~> 0.5)
  yardstick (~> 0.1)
